GEM
  remote: https://rubygems.org/
  specs:
    backports (3.12.0)
    builder (3.2.3)
    childprocess (0.5.9)
      ffi (~> 1.0, >= 1.0.11)
    cucumber (3.0.0.pre.1)
      builder (>= 2.1.2)
      cucumber-core (~> 2.0)
      cucumber-wire (~> 0.0.1)
      diff-lcs (>= 1.1.3)
      gherkin (~> 4.0)
      multi_json (>= 1.7.5, < 2.0)
      multi_test (>= 0.1.2)
    cucumber-core (2.0.0)
      backports (~> 3.6)
      gherkin (~> 4.0)
    cucumber-wire (0.0.1)
    diff-lcs (1.3)
    ffi (1.10.0-x64-mingw32)
    gherkin (4.1.3)
    httparty (0.14.0)
      multi_xml (>= 0.5.2)
    json (2.0.2)
    multi_json (1.13.1)
    multi_test (0.1.2)
    multi_xml (0.6.0)
    mustermann (1.0.0.beta2)
    rack (2.0.6)
    rack-protection (2.0.0.beta2)
      rack
    rspec (3.5.0)
      rspec-core (~> 3.5.0)
      rspec-expectations (~> 3.5.0)
      rspec-mocks (~> 3.5.0)
    rspec-core (3.5.4)
      rspec-support (~> 3.5.0)
    rspec-expectations (3.5.0)
      diff-lcs (>= 1.2.0, < 2.0)
      rspec-support (~> 3.5.0)
    rspec-mocks (3.5.0)
      diff-lcs (>= 1.2.0, < 2.0)
      rspec-support (~> 3.5.0)
    rspec-support (3.5.0)
    sinatra (2.0.0.beta2)
      mustermann (= 1.0.0.beta2)
      rack (~> 2.0)
      rack-protection (= 2.0.0.beta2)
      tilt (~> 2.0)
    tilt (2.0.9)

PLATFORMS
  x64-mingw32

DEPENDENCIES
  childprocess (= 0.5.9)
  cucumber (= 3.0.0.pre.1)
  httparty (= 0.14.0)
  json (= 2.0.2)
  rack
  rspec (= 3.5.0)
  sinatra (= 2.0.0.beta.2)

BUNDLED WITH
   2.0.1
